NUGET
  remote: https://www.nuget.org/api/v2
    FSharp.Core (4.3.4) - restriction: || (>= net46) (>= netstandard2.0)
    FsUnit (3.1)
      FSharp.Core (>= 4.2.3) - restriction: || (>= net46) (>= netstandard2.0)
      NETStandard.Library (>= 2.0.1) - restriction: && (< net46) (>= netstandard2.0)
      NUnit (>= 3.9 < 4.0) - restriction: || (>= net46) (>= netstandard2.0)
    Microsoft.NETCore.Platforms (2.0.1) - restriction: || (&& (>= monoandroid) (>= netstandard2.0)) (&& (>= monotouch) (>= netstandard2.0)) (&& (>= net45) (>= netstandard2.0) (< portable-net451+win81+wpa81)) (&& (< net45) (>= netstandard2.0)) (&& (>= net451) (< netstandard1.3) (>= netstandard2.0)) (&& (< net46) (>= net461) (>= netstandard2.0)) (>= netcoreapp2.0) (&& (< netstandard1.0) (>= netstandard2.0)) (&& (< netstandard1.3) (>= netstandard2.0) (>= wpa81)) (&& (< netstandard1.5) (>= netstandard2.0) (>= uap10.0)) (&& (>= netstandard2.0) (< portable-net45+win8+wpa81)) (&& (>= netstandard2.0) (>= uap10.1)) (&& (>= netstandard2.0) (>= xamarinios)) (&& (>= netstandard2.0) (>= xamarinmac)) (&& (>= netstandard2.0) (>= xamarintvos)) (&& (>= netstandard2.0) (>= xamarinwatchos))
    NETStandard.Library (2.0.1) - restriction: && (< net46) (>= netstandard2.0)
      Microsoft.NETCore.Platforms (>= 1.1) - restriction: || (>= monoandroid) (>= monotouch) (&& (>= net45) (< portable-net451+win81+wpa81)) (&& (< net45) (>= netstandard1.1) (< portable-net451+win81+wpa81)) (&& (< net45) (>= netstandard1.2) (< netstandard1.3) (< wpa81)) (&& (< net45) (>= netstandard1.3) (< netstandard1.4) (< wpa81)) (&& (< net45) (>= netstandard1.4) (< netstandard1.5) (< wpa81)) (&& (< net45) (>= netstandard1.5) (< netstandard1.6) (< wpa81)) (&& (< net45) (>= netstandard1.6) (< netstandard2.0) (< wpa81)) (&& (< net45) (>= netstandard2.0)) (&& (>= net451) (< netstandard1.3)) (&& (>= net46) (< netstandard1.4)) (>= net461) (>= netcoreapp2.0) (&& (>= netstandard1.0) (< portable-net45+win8+wpa81)) (&& (< netstandard1.0) (>= portable-net45+win8+wp8+wpa81) (< portable-net45+win8+wpa81)) (&& (< netstandard1.0) (>= portable-net45+win8+wpa81) (< portable-net451+win81+wpa81)) (&& (< netstandard1.0) (>= portable-net451+win81+wpa81)) (&& (< netstandard1.3) (>= wpa81)) (&& (< netstandard1.5) (>= uap10.0)) (>= uap10.1) (>= xamarinios) (>= xamarinmac) (>= xamarintvos) (>= xamarinwatchos)
    NUnit (3.10.1) - restriction: || (>= net46) (>= netstandard2.0)
      NETStandard.Library (>= 2.0) - restriction: && (< net20) (>= netstandard2.0)
    NUnit.Console (3.8)
      NUnit.ConsoleRunner (>= 3.8)
      NUnit.Extension.NUnitProjectLoader (>= 3.5)
      NUnit.Extension.NUnitV2Driver (>= 3.6)
      NUnit.Extension.NUnitV2ResultWriter (>= 3.5)
      NUnit.Extension.TeamCityEventListener (>= 1.0.3)
      NUnit.Extension.VSProjectLoader (>= 3.7)
    NUnit.ConsoleRunner (3.8)
    NUnit.Extension.NUnitProjectLoader (3.6)
    NUnit.Extension.NUnitV2Driver (3.7)
    NUnit.Extension.NUnitV2ResultWriter (3.6)
    NUnit.Extension.TeamCityEventListener (1.0.3)
    NUnit.Extension.VSProjectLoader (3.7)
